GIT
  remote: git://github.com/jcfischer/signum.git
  revision: f51da028a6e7ec39a1e5e5ace0c05538402f6099
  specs:
    signum (0.0.3)

GIT
  remote: git://github.com/jodosha/redis-store.git
  revision: f36dfa8a201ad822b0bb782706fb790bbf9cbeae
  specs:
    redis-store (1.1.0)
      redis (~> 2.2.0)

GIT
  remote: git://github.com/monkrb/glue.git
  revision: 8a59f5c27b98399f80e9289530675366ad298b4c
  specs:
    monk-glue (0.0.1)

GIT
  remote: git://github.com/soveran/ohm.git
  revision: 4bda25af77b3d062b737f82e14ec900babb62100
  specs:
    ohm (0.1.3)
      nest (~> 1.0)

GEM
  remote: http://rubygems.org/
  specs:
    builder (3.0.0)
    cucumber (1.1.1)
      builder (>= 2.1.2)
      diff-lcs (>= 1.1.2)
      gherkin (~> 2.6.0)
      json (>= 1.4.6)
      term-ansicolor (>= 1.0.6)
    diff-lcs (1.1.3)
    gherkin (2.6.2)
      json (>= 1.4.6)
    haml (3.1.3)
    json (1.6.1)
    nest (1.1.0)
      redis (~> 2.1)
    rack (1.2.2)
    rack-flash (0.1.2)
      rack
    rack-test (0.6.1)
      rack (>= 1.0)
    rake (0.9.2)
    redis (2.2.2)
    rspec (2.7.0)
      rspec-core (~> 2.7.0)
      rspec-expectations (~> 2.7.0)
      rspec-mocks (~> 2.7.0)
    rspec-core (2.7.0)
    rspec-expectations (2.7.0)
      diff-lcs (~> 1.1.2)
    rspec-mocks (2.7.0)
    sinatra (1.2.6)
      rack (~> 1.1)
      tilt (>= 1.2.2, < 2.0)
    term-ansicolor (1.0.7)
    test-unit (2.3.0)
    thor (0.14.6)
    tilt (1.3)

PLATFORMS
  ruby

DEPENDENCIES
  cucumber
  haml
  monk-glue!
  ohm!
  rack
  rack-flash
  rack-test
  rake
  redis-store!
  rspec
  signum!
  sinatra
  test-unit
  thor
